GEM
  remote: https://rubygems.org/
  specs:
    puma (3.12.6)
    rack (1.6.12)
    rack-protection (1.5.5)
      rack
    sinatra (1.4.7)
      rack (~> 1.5)
      rack-protection (~> 1.4)
      tilt (>= 1.3, < 3)
    tilt (2.0.2)

PLATFORMS
  ruby

DEPENDENCIES
  puma
  sinatra

RUBY VERSION
   ruby 2.7.2p137

BUNDLED WITH
   2.1.4
